PATH
  remote: .
  specs:
    ruby (0.1.0)

GEM
  remote: https://rubygems.org/
  specs:
    json (1.7.7)
    netrc (0.7.9)
    rake (10.4.2)
    rest_client (1.8.3)
      netrc (~> 0.7.7)

PLATFORMS
  ruby

DEPENDENCIES
  bundler (~> 1.10)
  json
  rake (~> 10.0)
  rest_client
  ruby!

BUNDLED WITH
   1.10.4
